GEM
  remote: https://rubygems.org/
  specs:
    ansi (1.5.0)
    builder (3.2.3)
    cli-kit (3.1.0)
      cli-ui (>= 1.1.4)
    cli-ui (1.1.4)
    metaclass (0.0.4)
    minitest (5.11.3)
    minitest-reporters (1.3.1)
      ansi
      builder
      minitest (>= 5.0)
      ruby-progressbar
    mocha (1.5.0)
      metaclass (~> 0.0.1)
    ruby-progressbar (1.9.0)

PLATFORMS
  ruby

DEPENDENCIES
  cli-kit (~> 3.1.0)
  cli-ui (~> 1.1.4)
  minitest (>= 5.0.0)
  minitest-reporters
  mocha (~> 1.5.0)

BUNDLED WITH
   1.16.3
